GEM
  remote: https://rubygems.org/
  specs:

PLATFORMS
  x86_64-darwin-23

DEPENDENCIES

RUBY VERSION
   ruby 3.2.4p170

BUNDLED WITH
   2.4.19
